GEM
  remote: https://rubygems.org/
  specs:
    addressable (2.5.2)
      public_suffix (>= 2.0.2, < 4.0)
    adsf (1.4.1)
      rack (>= 1.0.0, < 3.0.0)
    autoprefixer-rails (9.3.1)
      execjs
    bootstrap-sass (3.3.7)
      autoprefixer-rails (>= 5.2.1)
      sass (>= 3.3.4)
    chunky_png (1.3.10)
    colored (1.2)
    compass (1.0.3)
      chunky_png (~> 1.2)
      compass-core (~> 1.0.2)
      compass-import-once (~> 1.0.5)
      rb-fsevent (>= 0.9.3)
      rb-inotify (>= 0.9)
      sass (>= 3.3.13, < 3.5)
    compass-core (1.0.3)
      multi_json (~> 1.0)
      sass (>= 3.3.0, < 3.5)
    compass-import-once (1.0.5)
      sass (>= 3.2, < 3.5)
    concurrent-ruby (1.1.3)
    cri (2.15.2)
      colored (~> 1.2)
    ddmemoize (1.0.0)
      ddmetrics (~> 1.0)
      ref (~> 2.0)
    ddmetrics (1.0.1)
    ddplugin (1.0.2)
    execjs (2.7.0)
    ffi (1.9.25)
    hamster (3.0.0)
      concurrent-ruby (~> 1.0)
    json (2.1.0)
    json_schema (0.19.1)
    kramdown (1.17.0)
    mini_portile2 (2.3.0)
    multi_json (1.13.1)
    nanoc (4.10.3)
      addressable (~> 2.5)
      cri (~> 2.15)
      ddmemoize (~> 1.0)
      ddmetrics (~> 1.0)
      ddplugin (~> 1.0)
      hamster (~> 3.0)
      json_schema (~> 0.19)
      parallel (~> 1.12)
      ref (~> 2.0)
      slow_enumerator_tools (~> 1.0)
      tomlrb (~> 1.2)
    nokogiri (1.8.5)
      mini_portile2 (~> 2.3.0)
    parallel (1.12.1)
    public_suffix (3.0.3)
    rack (2.0.6)
    rake (12.3.1)
    rb-fsevent (0.10.3)
    rb-inotify (0.9.10)
      ffi (>= 0.5.0, < 2)
    ref (2.0.0)
    rouge (3.3.0)
    sass (3.4.25)
    slow_enumerator_tools (1.1.0)
    tomlrb (1.2.7)
    w3c_validators (1.3.4)
      json (>= 1.8)
      nokogiri (~> 1.6)

PLATFORMS
  ruby

DEPENDENCIES
  adsf
  bootstrap-sass (~> 3.3.7)
  compass (~> 1.0.3)
  kramdown
  nanoc (~> 4.10.3)
  rake
  rouge
  w3c_validators

BUNDLED WITH
   1.17.1
